GEM
  remote: https://rubygems.org/
  specs:
    addressable (2.8.0)
      public_suffix (>= 2.0.2, < 5.0)
    ast (2.4.0)
    async (1.23.0)
      console (~> 1.0)
      nio4r (~> 2.3)
      timers (~> 4.1)
    async-container (0.14.1)
      async (~> 1.0)
      async-io (~> 1.4)
      process-group
    async-http (0.49.1)
      async (~> 1.23)
      async-io (~> 1.27.0)
      protocol-http (~> 0.13.0)
      protocol-http1 (~> 0.10.0)
      protocol-http2 (~> 0.10.0)
    async-io (1.27.0)
      async (~> 1.14)
    aws-eventstream (1.0.3)
    aws-partitions (1.246.0)
    aws-sdk-codecommit (1.30.0)
      aws-sdk-core (~> 3, >= 3.71.0)
      aws-sigv4 (~> 1.1)
    aws-sdk-core (3.82.0)
      aws-eventstream (~> 1.0, >= 1.0.2)
      aws-partitions (~> 1, >= 1.239.0)
      aws-sigv4 (~> 1.1)
      jmespath (~> 1.0)
    aws-sdk-ecr (1.23.0)
      aws-sdk-core (~> 3, >= 3.71.0)
      aws-sigv4 (~> 1.1)
    aws-sigv4 (1.1.0)
      aws-eventstream (~> 1.0, >= 1.0.2)
    build-environment (1.12.1)
    capybara (3.29.0)
      addressable
      mini_mime (>= 0.1.3)
      nokogiri (~> 1.8)
      rack (>= 1.6.0)
      rack-test (>= 0.6.3)
      regexp_parser (~> 1.5)
      xpath (~> 3.2)
    citrus (3.0.2)
    clap (1.0.0)
    console (1.6.0)
    cuba (3.9.2)
      rack (>= 1.6.0)
    cutest (1.2.3)
      clap
    dependabot-bundler (0.113.24)
      dependabot-common (= 0.113.24)
    dependabot-cargo (0.113.24)
      dependabot-common (= 0.113.24)
    dependabot-common (0.113.24)
      aws-sdk-codecommit (~> 1.28)
      aws-sdk-ecr (~> 1.5)
      bundler (>= 1.16, < 3.0.0)
      docker_registry2 (~> 1.7, >= 1.7.1)
      excon (~> 0.66)
      gitlab (~> 4.9)
      nokogiri (~> 1.8)
      octokit (~> 4.6)
      pandoc-ruby (~> 2.0)
      parseconfig (~> 1.0)
      parser (~> 2.5)
      toml-rb (>= 1.1.2, < 3.0)
    dependabot-composer (0.113.24)
      dependabot-common (= 0.113.24)
    dependabot-dep (0.113.24)
      dependabot-common (= 0.113.24)
    dependabot-docker (0.113.24)
      dependabot-common (= 0.113.24)
    dependabot-elm (0.113.24)
      dependabot-common (= 0.113.24)
    dependabot-git_submodules (0.113.24)
      dependabot-common (= 0.113.24)
    dependabot-github_actions (0.113.24)
      dependabot-common (= 0.113.24)
    dependabot-go_modules (0.113.24)
      dependabot-common (= 0.113.24)
    dependabot-gradle (0.113.24)
      dependabot-common (= 0.113.24)
    dependabot-hex (0.113.24)
      dependabot-common (= 0.113.24)
    dependabot-maven (0.113.24)
      dependabot-common (= 0.113.24)
    dependabot-npm_and_yarn (0.113.24)
      dependabot-common (= 0.113.24)
    dependabot-nuget (0.113.24)
      dependabot-common (= 0.113.24)
    dependabot-omnibus (0.113.24)
      dependabot-bundler (= 0.113.24)
      dependabot-cargo (= 0.113.24)
      dependabot-common (= 0.113.24)
      dependabot-composer (= 0.113.24)
      dependabot-dep (= 0.113.24)
      dependabot-docker (= 0.113.24)
      dependabot-elm (= 0.113.24)
      dependabot-git_submodules (= 0.113.24)
      dependabot-github_actions (= 0.113.24)
      dependabot-go_modules (= 0.113.24)
      dependabot-gradle (= 0.113.24)
      dependabot-hex (= 0.113.24)
      dependabot-maven (= 0.113.24)
      dependabot-npm_and_yarn (= 0.113.24)
      dependabot-nuget (= 0.113.24)
      dependabot-python (= 0.113.24)
      dependabot-terraform (= 0.113.24)
    dependabot-python (0.113.24)
      dependabot-common (= 0.113.24)
    dependabot-terraform (0.113.24)
      dependabot-common (= 0.113.24)
    diff-lcs (1.3)
    docker_registry2 (1.8.0)
      rest-client (>= 1.8.0)
    domain_name (0.5.20190701)
      unf (>= 0.0.5, < 1.0.0)
    excon (0.69.1)
    falcon (0.34.4)
      async (~> 1.13)
      async-container (~> 0.14.0)
      async-http (~> 0.49.0)
      async-io (~> 1.22)
      build-environment (~> 1.11)
      localhost (~> 1.1)
      rack (>= 1.0)
      samovar (~> 2.1)
    faraday (0.17.1)
      multipart-post (>= 1.2, < 3)
    ffi (1.11.3)
    gitlab (4.12.0)
      httparty (~> 0.14, >= 0.14.0)
      terminal-table (~> 1.5, >= 1.5.1)
    http-accept (1.7.0)
    http-cookie (1.0.3)
      domain_name (~> 0.5)
    httparty (0.17.1)
      mime-types (~> 3.0)
      multi_xml (>= 0.5.2)
    jmespath (1.4.0)
    localhost (1.1.6)
    mapping (1.1.1)
    mime-types (3.3)
      mime-types-data (~> 3.2015)
    mime-types-data (3.2019.1009)
    mini_mime (1.0.2)
    mini_portile2 (2.4.0)
    multi_xml (0.6.0)
    multipart-post (2.1.1)
    netrc (0.11.0)
    nio4r (2.5.2)
    nokogiri (1.10.5)
      mini_portile2 (~> 2.4.0)
    octokit (4.14.0)
      sawyer (~> 0.8.0, >= 0.5.3)
    pandoc-ruby (2.0.2)
    parseconfig (1.0.8)
    parser (2.6.5.0)
      ast (~> 2.4.0)
    process-group (1.2.1)
      process-terminal (~> 0.2.0)
    process-terminal (0.2.0)
      ffi
    protocol-hpack (1.4.1)
    protocol-http (0.13.0)
    protocol-http1 (0.10.0)
      protocol-http (~> 0.13)
    protocol-http2 (0.10.3)
      protocol-hpack (~> 1.4)
      protocol-http (~> 0.2)
    public_suffix (4.0.6)
    rack (2.0.7)
    rack-test (1.1.0)
      rack (>= 1.0, < 3)
    regexp_parser (1.6.0)
    rest-client (2.1.0)
      http-accept (>= 1.7.0, < 2.0)
      http-cookie (>= 1.0.2, < 2.0)
      mime-types (>= 1.16, < 4.0)
      netrc (~> 0.8)
    rspec (3.9.0)
      rspec-core (~> 3.9.0)
      rspec-expectations (~> 3.9.0)
      rspec-mocks (~> 3.9.0)
    rspec-core (3.9.0)
      rspec-support (~> 3.9.0)
    rspec-expectations (3.9.0)
      diff-lcs (>= 1.2.0, < 2.0)
      rspec-support (~> 3.9.0)
    rspec-mocks (3.9.0)
      diff-lcs (>= 1.2.0, < 2.0)
      rspec-support (~> 3.9.0)
    rspec-support (3.9.0)
    samovar (2.1.2)
      console (~> 1.0)
      mapping (~> 1.0)
    sawyer (0.8.2)
      addressable (>= 2.3.5)
      faraday (> 0.8, < 2.0)
    terminal-table (1.8.0)
      unicode-display_width (~> 1.1, >= 1.1.1)
    timers (4.3.0)
    toml-rb (2.0.1)
      citrus (~> 3.0, > 3.0)
    unf (0.1.4)
      unf_ext
    unf_ext (0.0.7.6)
    unicode-display_width (1.6.0)
    xpath (3.2.0)
      nokogiri (~> 1.8)

PLATFORMS
  ruby

DEPENDENCIES
  capybara (~> 3.29.0)
  cuba (~> 3.9.2)
  cutest (~> 1.2.3)
  dependabot-omnibus (~> 0.113.24)
  falcon (~> 0.34.4)
  rspec (~> 3.9.0)

RUBY VERSION
   ruby 2.6.5p114

BUNDLED WITH
   2.0.2
